GIT
  remote: https://github.com/tcollier/aoc_executor.rb
  revision: 372dcd752ce7479450d881bb8434cd45bcb74c5f
  branch: main
  specs:
    aoc_executor (0.1.0)
      json (~> 2.5)

PATH
  remote: /Users/tomcollier/dev/github.com/tcollier/whirled_peas
  specs:
    whirled_peas (0.1.1)
      highline (~> 2.0)
      json (~> 2.5)
      tty-cursor (~> 0.7)

GEM
  remote: https://rubygems.org/
  specs:
    highline (2.0.3)
    json (2.5.1)
    tty-cursor (0.7.1)

PLATFORMS
  ruby

DEPENDENCIES
  aoc_executor!
  whirled_peas!

BUNDLED WITH
   2.1.4
