GEM
  remote: https://rubygems.org/
  specs:
    byebug (11.1.3)
    coderay (1.1.3)
    highline (2.0.3)
    method_source (1.0.0)
    pry (0.13.1)
      coderay (~> 1.1)
      method_source (~> 1.0)
    pry-byebug (3.9.0)
      byebug (~> 11.0)
      pry (~> 0.13.0)
    ruby_figlet (0.6.1)
    tty-cursor (0.7.1)

PLATFORMS
  ruby

DEPENDENCIES
  highline
  pry-byebug
  ruby_figlet
  tty-cursor

BUNDLED WITH
   2.1.4
