GEM
  remote: https://rubygems.org/
  specs:
    highline (2.0.3)
    json (2.6.1)
    ruby_figlet (0.6.1)
    whirled_peas (0.13.0)
      highline (~> 2.0)
      json (~> 2.5)
      ruby_figlet (~> 0.6)

PLATFORMS
  x86_64-darwin-20

DEPENDENCIES
  whirled_peas

BUNDLED WITH
   2.2.25
